GEM
  remote: http://rubygems.org/
  specs:
    bluecloth (2.1.0)
    childprocess (0.2.0)
      ffi (~> 1.0.6)
    coffee-script (2.2.0)
      coffee-script-source
      execjs
    coffee-script-source (1.1.1)
    diff-lcs (1.1.2)
    execjs (1.2.1)
      multi_json (~> 1.0)
    ffi (1.0.9)
    fssm (0.2.7)
    haml (3.1.2)
    hpricot (0.8.4)
    jasmine (1.0.2.1)
      json_pure (>= 1.4.3)
      rack (>= 1.1)
      rspec (>= 1.3.1)
      selenium-webdriver (>= 0.1.3)
    json_pure (1.5.3)
    multi_json (1.0.3)
    rack (1.3.2)
    rake (0.9.2)
    rb-fsevent (0.4.2)
    rspec (2.6.0)
      rspec-core (~> 2.6.0)
      rspec-expectations (~> 2.6.0)
      rspec-mocks (~> 2.6.0)
    rspec-core (2.6.4)
    rspec-expectations (2.6.0)
      diff-lcs (~> 1.1.2)
    rspec-mocks (2.6.0)
    rubyzip (0.9.4)
    selenium-webdriver (2.2.0)
      childprocess (>= 0.1.9)
      ffi (>= 1.0.7)
      json_pure
      rubyzip

PLATFORMS
  ruby

DEPENDENCIES
  bluecloth
  coffee-script
  fssm
  haml
  hpricot
  jasmine
  rake
  rb-fsevent
